GEM
  remote: http://rubygems.org/
  specs:
    ZenTest (4.5.0)
    actionmailer (2.3.11)
      actionpack (= 2.3.11)
    actionpack (2.3.11)
      activesupport (= 2.3.11)
      rack (~> 1.1.0)
    activerecord (2.3.11)
      activesupport (= 2.3.11)
    activeresource (2.3.11)
      activesupport (= 2.3.11)
    activesupport (2.3.11)
    autotest-fsevent (0.2.5)
      sys-uname
    awesome_print (0.3.2)
    builder (3.0.0)
    columnize (0.3.2)
    cucumber (0.10.2)
      builder (>= 2.1.2)
      diff-lcs (>= 1.1.2)
      gherkin (>= 2.3.5)
      json (>= 1.4.6)
      term-ansicolor (>= 1.0.5)
    cucumber-rails (0.3.2)
      cucumber (>= 0.8.0)
    database_cleaner (0.6.6)
    diff-lcs (1.1.2)
    factory_girl (1.2.3)
    gherkin (2.3.5)
      json (>= 1.4.6)
    haml (3.0.16)
    json (1.5.1)
    linecache (0.43)
    mocha (0.9.8)
      rake
    mysql (2.8.1)
    nokogiri (1.4.4)
    rack (1.1.0)
    rack-test (0.5.7)
      rack (>= 1.0)
    rails (2.3.11)
      actionmailer (= 2.3.11)
      actionpack (= 2.3.11)
      activerecord (= 2.3.11)
      activeresource (= 2.3.11)
      activesupport (= 2.3.11)
      rake (>= 0.8.3)
    rake (0.8.7)
    rspec (1.3.1)
    rspec-rails (1.3.3)
      rack (>= 1.0.0)
      rspec (= 1.3.1)
    ruby-debug (0.10.4)
      columnize (>= 0.1)
      ruby-debug-base (~> 0.10.4.0)
    ruby-debug-base (0.10.4)
      linecache (>= 0.3)
    seed-fu (1.2.3)
      rails (>= 2.1)
    sqlite3 (1.3.3)
    sys-uname (0.8.5)
    term-ansicolor (1.0.5)
    webrat (0.7.3)
      nokogiri (>= 1.2.0)
      rack (>= 1.0)
      rack-test (>= 0.5.3)
    will_paginate (2.3.15)

PLATFORMS
  ruby

DEPENDENCIES
  ZenTest
  autotest-fsevent
  awesome_print
  cucumber
  cucumber-rails (= 0.3.2)
  database_cleaner
  factory_girl (= 1.2.3)
  haml (>= 3.0.16)
  mocha (= 0.9.8)
  mysql
  rails (= 2.3.11)
  rspec (~> 1.3.1)
  rspec-rails (~> 1.3.3)
  ruby-debug
  seed-fu (~> 1.2.3)
  sqlite3
  webrat
  will_paginate (~> 2.3.11)
