GEM
  remote: http://rubygems.org/
  specs:
    actionmailer (2.3.11)
      actionpack (= 2.3.11)
    actionpack (2.3.11)
      activesupport (= 2.3.11)
      rack (~> 1.1.0)
    activerecord (2.3.11)
      activesupport (= 2.3.11)
    activeresource (2.3.11)
      activesupport (= 2.3.11)
    activesupport (2.3.11)
    factory_girl (1.2.3)
    haml (2.2.16)
    mocha (0.9.8)
      rake
    mysql (2.8.1)
    rack (1.1.0)
    rails (2.3.11)
      actionmailer (= 2.3.11)
      actionpack (= 2.3.11)
      activerecord (= 2.3.11)
      activeresource (= 2.3.11)
      activesupport (= 2.3.11)
      rake (>= 0.8.3)
    rake (0.8.7)
    rspec (1.2.0)
    rspec-rails (1.2.0)
      rack (>= 0.4.0)
      rspec (= 1.2.0)
    sqlite3 (1.3.3)

PLATFORMS
  ruby

DEPENDENCIES
  factory_girl (= 1.2.3)
  haml (= 2.2.16)
  mocha (= 0.9.8)
  mysql
  rails (= 2.3.11)
  rspec (= 1.2.0)
  rspec-rails (= 1.2.0)
  sqlite3
